PATH
  remote: .
  specs:
    proby (2.2.0)
      chronic (~> 0.6.7)
      httparty (~> 0.10.2)
      multi_json (~> 1.0)

GEM
  remote: http://rubygems.org/
  specs:
    bluecloth (2.1.0)
    chronic (0.6.7)
    fakeweb (1.3.0)
    httparty (0.10.2)
      multi_json (~> 1.0)
      multi_xml (>= 0.5.2)
    json (1.6.6)
    metaclass (0.0.1)
    mocha (0.10.5)
      metaclass (~> 0.0.1)
    multi_json (1.8.2)
    multi_xml (0.5.5)
    rake (0.9.2.2)
    shoulda (2.11.3)
    yard (0.6.8)

PLATFORMS
  ruby

DEPENDENCIES
  bluecloth (~> 2.1.0)
  bundler (>= 1.0.0)
  fakeweb (~> 1.3.0)
  json (~> 1.6.6)
  mocha (~> 0.10.5)
  proby!
  rake (~> 0.9.0)
  shoulda (~> 2.11.3)
  yard (~> 0.6.4)
